PATH
  remote: .
  specs:
    ruhax (0.1.0)
      parser
      thor

GEM
  remote: https://rubygems.org/
  specs:
    ast (2.1.0)
    minitest (5.8.2)
    parser (2.2.3.0)
      ast (>= 1.1, < 3.0)
    rake (10.4.2)
    thor (0.19.1)

PLATFORMS
  ruby

DEPENDENCIES
  bundler (~> 1.10)
  minitest
  rake (~> 10.0)
  ruhax!

BUNDLED WITH
   1.10.6
